

GROUP Build
RESTRICTION: == net472
NUGET
  remote: https://api.nuget.org/v3/index.json
    HtmlAgilityPack (1.8.9)
    Humanizer.Core (2.5.1)
    JetBrains.Annotations (2018.2.1)
    Lucene.Net (4.8.0-beta00005)
    Lucene.Net.Analysis.Common (4.8.0-beta00005)
      Lucene.Net (>= 4.8.0-beta00005)
    Newtonsoft.Json (11.0.2)
    NLog (4.5.11)
    System.Configuration.ConfigurationManager (4.5)
      System.Security.Permissions (>= 4.5)
    System.Reactive (4.0)
    System.Reactive.Linq (4.0)
      System.Reactive (>= 4.0)
    System.Reflection.Emit (4.3)
    System.Security.AccessControl (4.5)
      System.Security.Principal.Windows (>= 4.5)
    System.Security.Permissions (4.5)
      System.Security.AccessControl (>= 4.5)
    System.Security.Principal.Windows (4.5.1)
    System.Threading.Tasks.Extensions (4.3)
    Unity (5.8.11)
      System.Configuration.ConfigurationManager (>= 4.4.1)
      System.Reflection.Emit (>= 4.3)

GROUP Build-UI
RESTRICTION: == net472
NUGET
  remote: https://api.nuget.org/v3/index.json
    Caliburn.Micro (3.2)
      Caliburn.Micro.Core (3.2)
    Caliburn.Micro.Core (3.2)
    ControlzEx (3.0.2.4)
    DynamicData (6.7.0.2529)
      System.Reactive (>= 4.0)
    MahApps.Metro (1.6.5)
      ControlzEx (>= 3.0.2.4 < 4.0)
    ModernUI.WPF (1.0.9)
    OxyPlot.Core (1.0)
    OxyPlot.Wpf (1.0)
      OxyPlot.Core (1.0)
    ReactiveUI (9.3.5)
      DynamicData (>= 6.7.0.2529)
      Splat (>= 5.1.4)
      System.Reactive (>= 4.0)
      System.Reactive.Compatibility (>= 4.0)
      System.ValueTuple (>= 4.5)
    ReactiveUI.WPF (9.3.5)
      ReactiveUI (9.3.5)
    Splat (5.1.4)
      System.Drawing.Primitives (>= 4.3)
    System.Drawing.Primitives (4.3)
    System.Reactive (4.0)
    System.Reactive.Compatibility (4.0)
      System.Reactive.Core (>= 4.0)
      System.Reactive.Experimental (>= 4.0)
      System.Reactive.Interfaces (>= 4.0)
      System.Reactive.Linq (>= 4.0)
      System.Reactive.PlatformServices (>= 4.0)
      System.Reactive.Providers (>= 4.0)
      System.Reactive.Runtime.Remoting (>= 4.0)
      System.Reactive.Windows.Forms (>= 4.0)
      System.Reactive.Windows.Threading (>= 4.0)
    System.Reactive.Core (4.0)
      System.Reactive (>= 4.0)
    System.Reactive.Experimental (4.0)
      System.Reactive (>= 4.0)
    System.Reactive.Interfaces (4.0)
      System.Reactive (>= 4.0)
    System.Reactive.Linq (4.0)
      System.Reactive (>= 4.0)
    System.Reactive.PlatformServices (4.0)
      System.Reactive (>= 4.0)
    System.Reactive.Providers (4.0)
      System.Reactive (>= 4.0)
    System.Reactive.Runtime.Remoting (4.0)
      System.Reactive (>= 4.0)
    System.Reactive.Windows.Forms (4.0)
      System.Reactive (>= 4.0)
    System.Reactive.Windows.Threading (4.0)
      System.Reactive (>= 4.0)
    System.Threading.Tasks.Extensions (4.3)
    System.ValueTuple (4.5)

GROUP Test
RESTRICTION: == net472
NUGET
  remote: https://api.nuget.org/v3/index.json
    Castle.Core (4.3.1)
    FluentAssertions (5.4.2)
    Moq (4.8.2)
      Castle.Core (>= 4.2.1)
      System.Threading.Tasks.Extensions (>= 4.3)
      System.ValueTuple (>= 4.4)
    System.Threading.Tasks.Extensions (4.3)
    System.ValueTuple (4.5)
    xUnit (2.4.1)
      xunit.analyzers (>= 0.10)
      xunit.assert (2.4.1)
      xunit.core (2.4.1)
    xunit.abstractions (2.0.3)
    xunit.analyzers (0.10)
    xunit.assert (2.4.1)
    xunit.core (2.4.1)
      xunit.extensibility.core (2.4.1)
      xunit.extensibility.execution (2.4.1)
    xunit.extensibility.core (2.4.1)
      xunit.abstractions (>= 2.0.3)
    xunit.extensibility.execution (2.4.1)
      xunit.extensibility.core (2.4.1)
