RESTRICTION: == net472
NUGET
  remote: https://api.nuget.org/v3/index.json
    Humanizer.Core (2.5.16)
    JetBrains.Annotations (2018.2.1)
    Newtonsoft.Json (12.0.1)
    NLog (4.5.11)
    Polly (7.2)
    Stateless (4.3)
    System.Configuration.ConfigurationManager (4.5)
      System.Security.Permissions (>= 4.5)
    System.Reactive (4.1.2)
      System.Threading.Tasks.Extensions (>= 4.5.1)
      System.ValueTuple (>= 4.4)
    System.Reactive.Linq (4.0)
      System.Reactive (>= 4.0)
    System.Reflection.Emit (4.3)
    System.Runtime.CompilerServices.Unsafe (4.5.2)
    System.Security.AccessControl (4.5)
      System.Security.Principal.Windows (>= 4.5)
    System.Security.Permissions (4.5)
      System.Security.AccessControl (>= 4.5)
    System.Security.Principal.Windows (4.5.1)
    System.Threading.Tasks.Extensions (4.5.1)
      System.Runtime.CompilerServices.Unsafe (>= 4.5)
    System.ValueTuple (4.5)
    Unity (5.8.13)
      System.Configuration.ConfigurationManager (>= 4.4.1)
      System.Reflection.Emit (>= 4.3)

GROUP _Console
RESTRICTION: == netcoreapp3.1
NUGET
  remote: https://api.nuget.org/v3/index.json
    Antlr4 (4.6.6)
      Antlr4.CodeGenerator (>= 4.6.6)
      Antlr4.Runtime (>= 4.6.6)
    Antlr4.CodeGenerator (4.6.6)
    Antlr4.Runtime (4.6.6)
      NETStandard.Library (>= 1.6)
    CommandLineParser (2.7.82)
    JetBrains.Annotations (2019.1.3)
    Microsoft.NETCore.Platforms (3.1)
    NETStandard.Library (2.0.3)
      Microsoft.NETCore.Platforms (>= 1.1)
    System.Runtime.CompilerServices.Unsafe (4.7.1)
    Unity (5.11.4)
      System.Runtime.CompilerServices.Unsafe (>= 4.5.2)

GROUP _Contract
RESTRICTION: == netstandard2.0
NUGET
  remote: https://api.nuget.org/v3/index.json
    JetBrains.Annotations (2019.1.3)

GROUP _Engine
RESTRICTION: == netstandard2.0
NUGET
  remote: https://api.nuget.org/v3/index.json
    Stateless (4.3)

GROUP _IO
RESTRICTION: == net472
NUGET
  remote: https://api.nuget.org/v3/index.json
    Antlr4 (4.6.6)
      Antlr4.CodeGenerator (>= 4.6.6)
      Antlr4.Runtime (>= 4.6.6)
    Antlr4.CodeGenerator (4.6.6)
    Antlr4.Runtime (4.6.6)
    HtmlAgilityPack (1.8.11)
    Lucene.Net (4.8.0-beta00005)
    Lucene.Net.Analysis.Common (4.8.0-beta00005)
      Lucene.Net (>= 4.8.0-beta00005)

GROUP _Support
RESTRICTION: == netstandard2.0
NUGET
  remote: https://api.nuget.org/v3/index.json
    Antlr4 (4.6.6)
      Antlr4.CodeGenerator (>= 4.6.6)
      Antlr4.Runtime (>= 4.6.6)
    Antlr4.CodeGenerator (4.6.6)
    Antlr4.Runtime (4.6.6)
      NETStandard.Library (>= 1.6)
    Microsoft.NETCore.Platforms (3.1)
    NETStandard.Library (2.0.3)
      Microsoft.NETCore.Platforms (>= 1.1)

GROUP _Test
RESTRICTION: == net472
NUGET
  remote: https://api.nuget.org/v3/index.json
    Castle.Core (4.3.1)
    FluentAssertions (5.5.3)
    Moq (4.10.1)
      Castle.Core (>= 4.3.1)
      System.Threading.Tasks.Extensions (>= 4.5.1)
    System.Runtime.CompilerServices.Unsafe (4.5.2)
    System.Threading.Tasks.Extensions (4.5.1)
      System.Runtime.CompilerServices.Unsafe (>= 4.5)
    xUnit (2.4.1)
      xunit.analyzers (>= 0.10)
      xunit.assert (2.4.1)
      xunit.core (2.4.1)
    xunit.abstractions (2.0.3)
    xunit.analyzers (0.10)
    xunit.assert (2.4.1)
    xunit.core (2.4.1)
      xunit.extensibility.core (2.4.1)
      xunit.extensibility.execution (2.4.1)
    xunit.extensibility.core (2.4.1)
      xunit.abstractions (>= 2.0.3)
    xunit.extensibility.execution (2.4.1)
      xunit.extensibility.core (2.4.1)
    xunit.runner.visualstudio (2.4.1)

GROUP _UI
RESTRICTION: == net472
NUGET
  remote: https://api.nuget.org/v3/index.json
    Caliburn.Micro (3.2)
      Caliburn.Micro.Core (3.2)
    Caliburn.Micro.Core (3.2)
    ControlzEx (3.0.2.4)
    DynamicData (6.7.0.2529)
      System.Reactive (>= 4.0)
    MahApps.Metro (1.6.5)
      ControlzEx (>= 3.0.2.4 < 4.0)
    ModernUI.WPF (1.0.9)
    OxyPlot.Core (1.0)
    OxyPlot.Wpf (1.0)
      OxyPlot.Core (1.0)
    ReactiveUI (9.4.1)
      DynamicData (>= 6.7.0.2529)
      Splat (>= 5.1.4)
      System.Reactive (>= 4.0)
      System.Reactive.Compatibility (>= 4.0)
      System.ValueTuple (>= 4.5)
    ReactiveUI.WPF (9.4.1)
      ReactiveUI (9.4.1)
    Splat (5.1.4)
      System.Drawing.Primitives (>= 4.3)
    System.Drawing.Primitives (4.3)
    System.Reactive (4.1.2)
      System.Threading.Tasks.Extensions (>= 4.5.1)
      System.ValueTuple (>= 4.4)
    System.Reactive.Compatibility (4.0)
      System.Reactive.Core (>= 4.0)
      System.Reactive.Experimental (>= 4.0)
      System.Reactive.Interfaces (>= 4.0)
      System.Reactive.Linq (>= 4.0)
      System.Reactive.PlatformServices (>= 4.0)
      System.Reactive.Providers (>= 4.0)
      System.Reactive.Runtime.Remoting (>= 4.0)
      System.Reactive.Windows.Forms (>= 4.0)
      System.Reactive.Windows.Threading (>= 4.0)
    System.Reactive.Core (4.0)
      System.Reactive (>= 4.0)
    System.Reactive.Experimental (4.0)
      System.Reactive (>= 4.0)
    System.Reactive.Interfaces (4.0)
      System.Reactive (>= 4.0)
    System.Reactive.Linq (4.0)
      System.Reactive (>= 4.0)
    System.Reactive.PlatformServices (4.0)
      System.Reactive (>= 4.0)
    System.Reactive.Providers (4.0)
      System.Reactive (>= 4.0)
    System.Reactive.Runtime.Remoting (4.0)
      System.Reactive (>= 4.0)
    System.Reactive.Windows.Forms (4.0)
      System.Reactive (>= 4.0)
    System.Reactive.Windows.Threading (4.0)
      System.Reactive (>= 4.0)
    System.Runtime.CompilerServices.Unsafe (4.5.2)
    System.Threading.Tasks.Extensions (4.5.1)
      System.Runtime.CompilerServices.Unsafe (>= 4.5)
    System.ValueTuple (4.5)
