RESTRICTION: == net472
NUGET
  remote: https://api.nuget.org/v3/index.json
    Antlr4 (4.6.6)
      Antlr4.CodeGenerator (>= 4.6.6)
      Antlr4.Runtime (>= 4.6.6)
    Antlr4.CodeGenerator (4.6.6)
    Antlr4.Runtime (4.6.6)
    Humanizer.Core (2.7.9)
    J2N (1.0.0-beta-0002)
    JetBrains.Annotations (2020.1)
    Lucene.Net (4.8.0-beta00007)
      J2N (>= 1.0.0-beta-0001)
    Lucene.Net.Analysis.Common (4.8.0-beta00007)
      Lucene.Net (>= 4.8.0-beta00007)
    Newtonsoft.Json (12.0.3)
    NLog (4.7)
    Polly (7.2)
    Stateless (5.1.1)
    System.Reactive (4.4.1)
      System.Threading.Tasks.Extensions (>= 4.5.4)
      System.ValueTuple (>= 4.5)
    System.Reactive.Linq (4.4.1)
      System.Reactive (>= 4.4.1)
      System.Threading.Tasks.Extensions (>= 4.5.4)
    System.Runtime.CompilerServices.Unsafe (4.7.1)
    System.Threading.Tasks.Extensions (4.5.4)
      System.Runtime.CompilerServices.Unsafe (>= 4.5.3)
    System.ValueTuple (4.5)
    Unity (5.11.5)
      System.Runtime.CompilerServices.Unsafe (>= 4.5.2)
    Unity.Abstractions (5.11.5)
      System.Threading.Tasks.Extensions (>= 4.5.2)
    Unity.Container (5.11.6)
      System.Runtime.CompilerServices.Unsafe (>= 4.5.2)
      Unity.Abstractions (>= 5.11.5)
    Unity.RegistrationByConvention (5.11.1)
      Unity.Container (>= 5.11.1)

GROUP _Console
RESTRICTION: == netcoreapp3.1
NUGET
  remote: https://api.nuget.org/v3/index.json
    Antlr4 (4.6.6)
      Antlr4.CodeGenerator (>= 4.6.6)
      Antlr4.Runtime (>= 4.6.6)
    Antlr4.CodeGenerator (4.6.6)
    Antlr4.Runtime (4.6.6)
      NETStandard.Library (>= 1.6)
    CommandLineParser (2.7.82)
    JetBrains.Annotations (2020.1)
    Microsoft.NETCore.Platforms (3.1)
    NETStandard.Library (2.0.3)
      Microsoft.NETCore.Platforms (>= 1.1)
    System.Runtime.CompilerServices.Unsafe (4.7.1)
    Unity (5.11.5)
      System.Runtime.CompilerServices.Unsafe (>= 4.5.2)

GROUP _Contract
RESTRICTION: == netstandard2.0
NUGET
  remote: https://api.nuget.org/v3/index.json
    JetBrains.Annotations (2020.1)

GROUP _Engine
RESTRICTION: == netstandard2.0
NUGET
  remote: https://api.nuget.org/v3/index.json
    Stateless (5.1.1)

GROUP _IO
RESTRICTION: == net472
NUGET
  remote: https://api.nuget.org/v3/index.json
    HtmlAgilityPack (1.11.23)

GROUP _Support
RESTRICTION: == netstandard2.0
NUGET
  remote: https://api.nuget.org/v3/index.json
    Antlr4 (4.6.6)
      Antlr4.CodeGenerator (>= 4.6.6)
      Antlr4.Runtime (>= 4.6.6)
    Antlr4.CodeGenerator (4.6.6)
    Antlr4.Runtime (4.6.6)
      NETStandard.Library (>= 1.6)
    Humanizer.Core (2.7.9)
    J2N (1.0.0-beta-0002)
      Microsoft.CSharp (>= 4.4)
      System.Text.Encoding.CodePages (>= 4.3)
    Lucene.Net (4.8.0-beta00007)
      J2N (>= 1.0.0-beta-0001)
      Microsoft.CSharp (>= 4.4)
    Lucene.Net.Analysis.Common (4.8.0-beta00007)
      Lucene.Net (>= 4.8.0-beta00007)
    Microsoft.CSharp (4.7)
    Microsoft.NETCore.Platforms (3.1)
    NETStandard.Library (2.0.3)
      Microsoft.NETCore.Platforms (>= 1.1)
    System.Runtime.CompilerServices.Unsafe (4.7.1)
    System.Text.Encoding.CodePages (4.7)
      System.Runtime.CompilerServices.Unsafe (>= 4.7)

GROUP _Test
RESTRICTION: == net472
NUGET
  remote: https://api.nuget.org/v3/index.json
    Castle.Core (4.4)
    FluentAssertions (5.10.3)
    Moq (4.13.1)
      Castle.Core (>= 4.4)
      System.Threading.Tasks.Extensions (>= 4.5.1)
    System.Runtime.CompilerServices.Unsafe (4.7.1)
    System.Threading.Tasks.Extensions (4.5.4)
      System.Runtime.CompilerServices.Unsafe (>= 4.5.3)
    xUnit (2.4.1)
      xunit.analyzers (>= 0.10)
      xunit.assert (2.4.1)
      xunit.core (2.4.1)
    xunit.abstractions (2.0.3)
    xunit.analyzers (0.10)
    xunit.assert (2.4.1)
    xunit.core (2.4.1)
      xunit.extensibility.core (2.4.1)
      xunit.extensibility.execution (2.4.1)
    xunit.extensibility.core (2.4.1)
      xunit.abstractions (>= 2.0.3)
    xunit.extensibility.execution (2.4.1)
      xunit.extensibility.core (2.4.1)
    xunit.runner.visualstudio (2.4.1)

GROUP _UI
RESTRICTION: == net472
NUGET
  remote: https://api.nuget.org/v3/index.json
    Caliburn.Micro (3.2)
      Caliburn.Micro.Core (3.2)
    Caliburn.Micro.Core (3.2)
    ControlzEx (3.0.2.4)
    DynamicData (6.14.10)
      System.Reactive (>= 4.3.2)
    MahApps.Metro (1.6.5)
      ControlzEx (>= 3.0.2.4 < 4.0)
    ModernUI.WPF (1.0.9)
    OxyPlot.Core (2.0)
    OxyPlot.Wpf (2.0)
      OxyPlot.Core (>= 2.0)
    ReactiveUI (11.3.1)
      DynamicData (>= 6.14.8)
      Splat (>= 9.4.1)
      System.Reactive (>= 4.3.2)
      System.ValueTuple (>= 4.5)
    ReactiveUI.WPF (11.3.1)
      ReactiveUI (>= 11.3.1)
      System.Reactive (>= 4.3.2)
    Splat (9.4.1)
      System.ValueTuple (>= 4.5)
    System.Reactive (4.4.1)
      System.Threading.Tasks.Extensions (>= 4.5.4)
      System.ValueTuple (>= 4.5)
    System.Runtime.CompilerServices.Unsafe (4.7.1)
    System.Threading.Tasks.Extensions (4.5.4)
      System.Runtime.CompilerServices.Unsafe (>= 4.5.3)
    System.ValueTuple (4.5)
